PATH
  remote: .
  specs:
    token_pagination (0.0.1)
      jwt (~> 1.2.1)

GEM
  remote: https://rubygems.org/
  specs:
    jwt (1.2.1)
    rake (10.4.2)
    sqlite3 (1.3.10)

PLATFORMS
  ruby

DEPENDENCIES
  bundler (~> 1.7)
  rake (~> 10.0)
  sqlite3 (~> 1.3.10)
  token_pagination!

BUNDLED WITH
   1.10.6
